GEM
  remote: https://rubygems.org/
  remote: http://gems/
  specs:
    activemodel (3.2.13)
      activesupport (= 3.2.13)
      builder (~> 3.0.0)
    activesupport (3.2.13)
      i18n (= 0.6.1)
      multi_json (~> 1.0)
    amq-client (1.0.2)
      amq-protocol (>= 1.2.0)
      eventmachine
    amq-protocol (1.6.0)
    amqp (1.0.2)
      amq-client (~> 1.0.2)
      amq-protocol (>= 1.3.0)
      eventmachine
    ansi (1.4.3)
    builder (3.0.4)
    coderay (1.0.9)
    diff-lcs (1.2.4)
    evented-spec (0.9.0)
    eventmachine (1.0.3)
    eventmachine (1.0.3-java)
    ffi (1.9.0-java)
    hashr (0.0.22)
    i18n (0.6.1)
    json (1.8.0)
    json (1.8.0-java)
    method_source (0.8.1)
    mime-types (1.23)
    multi_json (1.7.7)
    pry (0.9.12.2)
      coderay (~> 1.0.5)
      method_source (~> 0.8)
      slop (~> 3.4)
    pry (0.9.12.2-java)
      coderay (~> 1.0.5)
      method_source (~> 0.8)
      slop (~> 3.4)
      spoon (~> 0.0)
    pry-nav (0.2.3)
      pry (~> 0.9.10)
    rake (10.0.4)
    rest-client (1.6.7)
      mime-types (>= 1.16)
    rspec (2.14.1)
      rspec-core (~> 2.14.0)
      rspec-expectations (~> 2.14.0)
      rspec-mocks (~> 2.14.0)
    rspec-core (2.14.3)
    rspec-expectations (2.14.0)
      diff-lcs (>= 1.1.3, < 2.0)
    rspec-mocks (2.14.1)
    slop (3.4.5)
    spoon (0.0.4)
      ffi
    tire (0.6.0)
      activemodel (>= 3.0)
      activesupport
      ansi
      hashr (~> 0.0.19)
      multi_json (~> 1.3)
      rake
      rest-client (~> 1.6)
    torque (0.6.3)

PLATFORMS
  java
  ruby

DEPENDENCIES
  activesupport
  amqp
  evented-spec
  json
  pry
  pry-nav
  rspec
  tire
  torque
